GEM
  remote: https://rubygems.org/
  specs:
    ast (1.1.0)
    backports (3.3.3)
    celluloid (0.15.2)
      timers (~> 1.1.0)
    conject (0.1.7)
    diff-lcs (1.2.4)
    ffi (1.9.3)
    gamebox (0.4.1)
      conject (>= 0.0.8)
      gosu
      i18n
      kvo (>= 0.1.0)
      listen (>= 0.5.3)
      publisher
      require_all
      thor
      tween
    gosu (0.7.48)
    i18n (0.6.9)
    kvo (0.1.0)
      publisher
    listen (2.4.0)
      celluloid (>= 0.15.2)
      rb-fsevent (>= 0.9.3)
      rb-inotify (>= 0.9)
    metaclass (0.0.1)
    mocha (0.14.0)
      metaclass (~> 0.0.1)
    parser (2.0.0.pre2)
      ast (~> 1.1)
      slop (~> 3.4, >= 3.4.5)
    powerpack (0.0.1)
    publisher (1.1.2)
    rainbow (1.1.4)
    rb-fsevent (0.9.3)
    rb-inotify (0.9.2)
      ffi (>= 0.5.0)
    reek (1.3.4)
      ruby2ruby (~> 2.0.2)
      ruby_parser (~> 3.2)
      sexp_processor
    require_all (1.3.2)
    rspec (2.14.1)
      rspec-core (~> 2.14.0)
      rspec-expectations (~> 2.14.0)
      rspec-mocks (~> 2.14.0)
    rspec-core (2.14.2)
    rspec-expectations (2.14.0)
      diff-lcs (>= 1.1.3, < 2.0)
    rspec-mocks (2.14.3)
    rubocop (0.10.0)
      backports (~> 3.3.3)
      parser (= 2.0.0.pre2)
      powerpack (= 0.0.1)
      rainbow (>= 1.1.4)
    ruby2ruby (2.0.6)
      ruby_parser (~> 3.1)
      sexp_processor (~> 4.0)
    ruby_parser (3.2.2)
      sexp_processor (~> 4.1)
    sexp_processor (4.2.1)
    slop (3.4.5)
    thor (0.18.1)
    timers (1.1.0)
    tween (0.1.2)

PLATFORMS
  ruby

DEPENDENCIES
  conject
  gamebox (~> 0.4.0)
  mocha
  reek
  require_all
  rspec
  rubocop
